GEM
  remote: https://rubygems.org/
  specs:
    eventmachine (1.2.7)

PLATFORMS
  x86_64-linux

DEPENDENCIES
  eventmachine

BUNDLED WITH
   2.2.11
